GEM
  remote: https://rubygems.org/
  specs:
    excon (0.73.0)
    rake (13.0.1)

PLATFORMS
  ruby

DEPENDENCIES
  excon
  rake

BUNDLED WITH
   2.5.10
